GEM
  remote: https://rubygems.org/
  specs:
    clipboard (1.3.3)
    diff-lcs (1.3)
    ffi (1.10.0)
    ffi (1.10.0-x86-mingw32)
    rspec (3.8.0)
      rspec-core (~> 3.8.0)
      rspec-expectations (~> 3.8.0)
      rspec-mocks (~> 3.8.0)
    rspec-core (3.8.0)
      rspec-support (~> 3.8.0)
    rspec-expectations (3.8.2)
      diff-lcs (>= 1.2.0, < 2.0)
      rspec-support (~> 3.8.0)
    rspec-mocks (3.8.0)
      diff-lcs (>= 1.2.0, < 2.0)
      rspec-support (~> 3.8.0)
    rspec-support (3.8.0)

PLATFORMS
  ruby
  x64-mingw32
  x86-mingw32
  x86-mswin32

DEPENDENCIES
  clipboard (~> 1.3, >= 1.3.3)
  ffi (~> 1.10)
  rspec (~> 3.8)

BUNDLED WITH
   2.0.1
